GEM
  remote: http://rubygems.org/
  specs:
    chunky_png (1.2.7)
    rack (1.5.2)
    rack-protection (1.3.2)
      rack
    rqrcode (0.4.2)
    rqrcode_png (0.1.1)
      chunky_png
      rqrcode
    sinatra (1.3.4)
      rack (~> 1.4)
      rack-protection (~> 1.3)
      tilt (~> 1.3, >= 1.3.3)
    tilt (1.3.3)

PLATFORMS
  ruby

DEPENDENCIES
  rqrcode_png
  sinatra
