GEM
  remote: http://rubygems.org/
  specs:
    chunky_png (1.2.5)
    rack (1.4.0)
    rack-protection (1.2.0)
      rack
    rqrcode (0.4.2)
    rqrcode_png (0.1.1)
      chunky_png
      rqrcode
    sinatra (1.3.2)
      rack (~> 1.3, >= 1.3.6)
      rack-protection (~> 1.2)
      tilt (~> 1.3, >= 1.3.3)
    tilt (1.3.3)

PLATFORMS
  ruby

DEPENDENCIES
  rqrcode_png
  sinatra
